GEM
  remote: https://rubygems.org/
  specs:
    cuba (3.4.0)
      rack
    puma (2.13.4)
    rack (1.6.4)
    tilt (2.0.1)

PLATFORMS
  ruby

DEPENDENCIES
  cuba (>= 3.4.0)
  puma (>= 2.10.2)
  tilt

BUNDLED WITH
   1.10.6
